GIT
  remote: https://github.com/lskalkos/rgl
  revision: a2019b424091b3f9958bd9eefa085822e7963780
  branch: add-options-to-write-to-graphic-file
  specs:
    rgl (0.5.3)
      lazy_priority_queue (~> 0.1.0)
      stream (~> 0.5.0)

GEM
  remote: http://rubygems.org/
  specs:
    graphql (1.8.13)
    lazy_priority_queue (0.1.1)
    mustermann (1.0.3)
    puma (3.12.0)
    rack (2.0.6)
    rack-protection (2.0.5)
      rack
    rake (12.3.2)
    sinatra (2.0.5)
      mustermann (~> 1.0)
      rack (~> 2.0)
      rack-protection (= 2.0.5)
      tilt (~> 2.0)
    stream (0.5)
    tilt (2.0.9)

PLATFORMS
  ruby

DEPENDENCIES
  graphql
  puma
  rake
  rgl!
  sinatra

BUNDLED WITH
   1.17.3
